GIT
  remote: git://github.com/soffes/hue.git
  revision: 797ae71750434674b847d9724d463323bf7361de
  specs:
    hue (0.1.3)
      json
      log_switch (= 0.4.0)
      playful
      thor

GIT
  remote: git://github.com/watsonbox/pocketsphinx-ruby.git
  revision: 55664f7d73252f5127b9b654cfd35f3c66f50c9f
  specs:
    pocketsphinx-ruby (0.1.1)
      ffi (>= 1.9)

GEM
  remote: https://rubygems.org/
  specs:
    addressable (2.3.7)
    akami (1.2.2)
      gyoku (>= 0.4.0)
      nokogiri
    builder (3.2.2)
    colorize (0.7.3)
    cookiejar (0.3.2)
    dotenv (1.0.2)
    em-http-request (1.1.2)
      addressable (>= 2.3.4)
      cookiejar
      em-socksify (>= 0.3)
      eventmachine (>= 1.0.3)
      http_parser.rb (>= 0.6.0)
    em-socksify (0.3.0)
      eventmachine (>= 1.0.0.beta.4)
    em-synchrony (1.0.4)
      eventmachine (>= 1.0.0.beta.1)
    espeak-ruby (1.0.1)
    eventmachine (1.0.6)
    ffi (1.9.6)
    gyoku (1.2.2)
      builder (>= 2.1.2)
    http_parser.rb (0.6.0)
    httpi (2.3.0)
      rack
    json (1.8.2)
    log_switch (0.4.0)
    macaddr (1.7.1)
      systemu (~> 2.6.2)
    mime-types (1.25.1)
    mini_portile (0.6.2)
    nokogiri (1.6.6.2)
      mini_portile (~> 0.6.0)
    nori (2.4.0)
    playful (0.1.0.alpha.1)
      em-http-request (>= 1.0.2)
      em-synchrony
      eventmachine (>= 1.0.0)
      log_switch (>= 0.4.0)
      nori (>= 2.0.2)
      savon (~> 2.0)
    rack (1.6.0)
    savon (2.9.0)
      akami (~> 1.2)
      builder (>= 2.1.2)
      gyoku (~> 1.2)
      httpi (~> 2.3)
      nokogiri (>= 1.4.0)
      nori (~> 2.4)
      uuid (~> 2.3.7)
      wasabi (= 3.3.0)
    sphinxtrain-ruby (0.0.1)
      colorize (~> 0.7.3)
      pocketsphinx-ruby (~> 0.1.1)
      word_aligner (~> 0.1.2)
    systemu (2.6.4)
    thor (0.19.1)
    unicode_utils (1.4.0)
    uuid (2.3.7)
      macaddr (~> 1.0)
    wasabi (3.3.0)
      httpi (~> 2.0)
      mime-types (< 2.0.0)
      nokogiri (>= 1.4.0)
    wit (1.0.6)
    word_aligner (0.1.2)
      unicode_utils

PLATFORMS
  ruby

DEPENDENCIES
  dotenv
  espeak-ruby
  hue!
  pocketsphinx-ruby!
  sphinxtrain-ruby
  wit
